GEM
  remote: https://rubygems.org/
  specs:
    mini_portile2 (2.8.0)
    mustache (1.1.1)
    nokogiri (1.13.4)
      mini_portile2 (~> 2.8.0)
      racc (~> 1.4)
    racc (1.6.0)
    unicode_utils (1.4.0)

PLATFORMS
  ruby

DEPENDENCIES
  mustache
  nokogiri
  unicode_utils

BUNDLED WITH
   1.17.3
