GEM
  remote: https://rubygems.org/
  specs:
    mini_portile2 (2.6.1)
    mustache (1.1.1)
    nokogiri (1.12.5)
      mini_portile2 (~> 2.6.1)
      racc (~> 1.4)
    racc (1.5.2)
    unicode_utils (1.4.0)

PLATFORMS
  ruby

DEPENDENCIES
  mustache
  nokogiri
  unicode_utils

BUNDLED WITH
   1.17.3
